GEM
  remote: https://rubygems.org/
  specs:
    haml (4.0.4)
      tilt
    json (1.8.1)
    rack (1.5.2)
    rack-protection (1.5.1)
      rack
    sass (3.2.13)
    sinatra (1.4.4)
      rack (~> 1.4)
      rack-protection (~> 1.4)
      tilt (~> 1.3, >= 1.3.4)
    tilt (1.4.1)

PLATFORMS
  ruby

DEPENDENCIES
  haml
  json
  sass
  sinatra
